GEM
  remote: http://rubygems.org/
  specs:
    activesupport (2.3.10)
    bson (1.0.9)
    bson_ext (1.1.5)
    durran-validatable (2.0.1)
    gioext-sinatra-memcache (0.1.0)
      memcache-client
      sinatra
    haml (3.0.25)
    i18n (0.5.0)
    mail (2.2.14)
      activesupport (>= 2.3.6)
      i18n (>= 0.4.0)
      mime-types (~> 1.16)
      treetop (~> 1.4.8)
    memcache-client (1.8.5)
    mime (0.1)
    mime-types (1.16)
    mongo (1.0.9)
      bson (>= 1.0.5)
    mongoid (1.9.2)
      activesupport (< 3.0.0)
      bson (~> 1.0.1)
      durran-validatable (>= 2.0.1)
      mongo (~> 1.0.1)
      will_paginate (< 2.9)
    polyglot (0.3.1)
    rack (1.2.1)
    sinatra (1.1.2)
      rack (~> 1.1)
      tilt (~> 1.2)
    tilt (1.2.1)
    treetop (1.4.9)
      polyglot (>= 0.3.1)
    will_paginate (2.3.15)

PLATFORMS
  ruby

DEPENDENCIES
  bson_ext
  bundler
  gioext-sinatra-memcache
  haml
  mail
  memcache-client
  mime
  mongoid
  rack
  sinatra
