GEM
  remote: http://rubygems.org/
  specs:
    activesupport (2.3.10)
    aws-ses (0.4.1)
      builder
      builder
      mail (~> 2.2.5)
      mime-types
      mime-types
      xml-simple
      xml-simple
    bson (1.0.9)
    bson_ext (1.1.5)
    builder (3.0.0)
    durran-validatable (2.0.1)
    haml (3.0.25)
    i18n (0.5.0)
    iconv (0.1)
    mail (2.2.14)
      activesupport (>= 2.3.6)
      i18n (>= 0.4.0)
      mime-types (~> 1.16)
      treetop (~> 1.4.8)
    mime (0.1)
    mime-types (1.16)
    mongo (1.0.9)
      bson (>= 1.0.5)
    mongoid (1.9.2)
      activesupport (< 3.0.0)
      bson (~> 1.0.1)
      durran-validatable (>= 2.0.1)
      mongo (~> 1.0.1)
      will_paginate (< 2.9)
    polyglot (0.3.1)
    rack (1.2.1)
    sinatra (1.1.2)
      rack (~> 1.1)
      tilt (~> 1.2)
    tilt (1.2.1)
    treetop (1.4.9)
      polyglot (>= 0.3.1)
    will_paginate (2.3.15)
    xml-simple (1.0.14)

PLATFORMS
  ruby

DEPENDENCIES
  aws-ses
  bson_ext
  bundler
  haml
  iconv
  mail
  mime
  mongoid
  rack
  sinatra
